PATH
  remote: .
  specs:
    state_boss (0.1.0)

GEM
  remote: https://rubygems.org/
  specs:
    byebug (11.1.3)
    minitest (5.14.2)
    rake (12.3.3)

PLATFORMS
  ruby

DEPENDENCIES
  byebug (~> 11.1)
  minitest (~> 5.0)
  rake (~> 12.0)
  state_boss!

BUNDLED WITH
   2.1.4
